GEM
  remote: https://rubygems.org/
  specs:
    concurrent-ruby (1.0.4)
    connection_pool (2.2.1)
    rack (2.0.1)
    rack-protection (1.5.3)
      rack
    redis (3.3.3)
    redis-namespace (1.5.3)
      redis (~> 3.0, >= 3.0.4)
    sidekiq (4.2.9)
      concurrent-ruby (~> 1.0)
      connection_pool (~> 2.2, >= 2.2.0)
      rack-protection (>= 1.5.0)
      redis (~> 3.2, >= 3.2.1)
    sidekiq-limit_fetch (3.4.0)
      sidekiq (>= 4)

PLATFORMS
  ruby

DEPENDENCIES
  redis (~> 3.0)
  redis-namespace
  sidekiq
  sidekiq-limit_fetch

BUNDLED WITH
   1.14.4
